PATH
  remote: .
  specs:
    test_github (0.1.0)

GEM
  remote: https://rubygems.org/
  specs:
    minitest (5.14.0)
    rake (10.5.0)
    rubygems-tasks (0.2.4)
    yard (0.9.24)

PLATFORMS
  ruby

DEPENDENCIES
  minitest (~> 5.0)
  rake (~> 10)
  rubygems-tasks (~> 0.2)
  test_github!
  yard (~> 0.8)

BUNDLED WITH
   2.1.4
