GEM
  remote: https://rubygems.org/
  specs:
    minitest (5.14.0)
    rake (10.5.0)

PLATFORMS
  ruby

DEPENDENCIES
  minitest (~> 5.0)!
  rake (~> 10)!

BUNDLED WITH
   2.1.4
